PATH
  remote: .
  specs:
    fluent-plugin-s3-input (0.0.10)
      aws-sdk
      fluentd
      oj
      rubyzip

GEM
  remote: https://rubygems.org/
  specs:
    aws-sdk (2.6.35)
      aws-sdk-resources (= 2.6.35)
    aws-sdk-core (2.6.35)
      aws-sigv4 (~> 1.0)
      jmespath (~> 1.0)
    aws-sdk-resources (2.6.35)
      aws-sdk-core (= 2.6.35)
    aws-sigv4 (1.0.0)
    cool.io (1.4.5)
    fluentd (0.14.4)
      cool.io (~> 1.4.5)
      http_parser.rb (>= 0.5.1, < 0.7.0)
      msgpack (>= 0.7.0, < 2.0.0)
      serverengine (~> 2.0)
      sigdump (~> 0.2.2)
      strptime (~> 0.1.7)
      tzinfo (~> 1.0)
      tzinfo-data (~> 1.0)
      yajl-ruby (~> 1.0)
    http_parser.rb (0.6.0)
    jmespath (1.3.1)
    msgpack (1.0.0)
    oj (2.17.4)
    rake (11.2.2)
    rubyzip (1.2.0)
    serverengine (2.0.0)
      sigdump (~> 0.2.2)
    sigdump (0.2.4)
    strptime (0.1.8)
    thread_safe (0.3.5)
    tzinfo (1.2.2)
      thread_safe (~> 0.1)
    tzinfo-data (1.2016.6)
      tzinfo (>= 1.0.0)
    yajl-ruby (1.2.1)

PLATFORMS
  ruby

DEPENDENCIES
  fluent-plugin-s3-input!
  rake

BUNDLED WITH
   1.12.5
